PATH
  remote: .
  specs:
    omniai (3.0.0)
      base64
      event_stream_parser
      google-cloud-storage
      googleauth
      http
      logger
      zeitwerk

GEM
  remote: https://rubygems.org/
  specs:
    activesupport (8.0.2)
      base64
      benchmark (>= 0.3)
      bigdecimal
      concurrent-ruby (~> 1.0, >= 1.3.1)
      connection_pool (>= 2.2.5)
      drb
      i18n (>= 1.6, < 2)
      logger (>= 1.4.2)
      minitest (>= 5.1)
      securerandom (>= 0.3)
      tzinfo (~> 2.0, >= 2.0.5)
      uri (>= 0.13.1)
    addressable (2.8.7)
      public_suffix (>= 2.0.2, < 7.0)
    ast (2.4.3)
    base64 (0.3.0)
    benchmark (0.4.1)
    bigdecimal (3.2.2)
    concurrent-ruby (1.3.5)
    connection_pool (2.5.3)
    crack (1.0.0)
      bigdecimal
      rexml
    date (3.4.1)
    declarative (0.0.20)
    diff-lcs (1.6.2)
    digest-crc (0.7.0)
      rake (>= 12.0.0, < 14.0.0)
    docile (1.4.1)
    domain_name (0.6.20240107)
    drb (2.2.3)
    event_stream_parser (1.0.0)
    factory_bot (6.5.4)
      activesupport (>= 6.1.0)
    faraday (2.13.3)
      faraday-net_http (>= 2.0, < 3.5)
      json
      logger
    faraday-net_http (3.4.1)
      net-http (>= 0.5.0)
    ffi (1.17.2)
    ffi (1.17.2-x86_64-darwin)
    ffi-compiler (1.3.2)
      ffi (>= 1.15.5)
      rake
    google-apis-core (0.18.0)
      addressable (~> 2.5, >= 2.5.1)
      googleauth (~> 1.9)
      httpclient (>= 2.8.3, < 3.a)
      mini_mime (~> 1.0)
      mutex_m
      representable (~> 3.0)
      retriable (>= 2.0, < 4.a)
    google-apis-iamcredentials_v1 (0.24.0)
      google-apis-core (>= 0.15.0, < 2.a)
    google-apis-storage_v1 (0.54.0)
      google-apis-core (>= 0.15.0, < 2.a)
    google-cloud-core (1.8.0)
      google-cloud-env (>= 1.0, < 3.a)
      google-cloud-errors (~> 1.0)
    google-cloud-env (2.3.1)
      base64 (~> 0.2)
      faraday (>= 1.0, < 3.a)
    google-cloud-errors (1.5.0)
    google-cloud-storage (1.56.0)
      addressable (~> 2.8)
      digest-crc (~> 0.4)
      google-apis-core (~> 0.13)
      google-apis-iamcredentials_v1 (~> 0.18)
      google-apis-storage_v1 (>= 0.42)
      google-cloud-core (~> 1.6)
      googleauth (~> 1.9)
      mini_mime (~> 1.0)
    google-logging-utils (0.2.0)
    googleauth (1.14.0)
      faraday (>= 1.0, < 3.a)
      google-cloud-env (~> 2.2)
      google-logging-utils (~> 0.1)
      jwt (>= 1.4, < 3.0)
      multi_json (~> 1.11)
      os (>= 0.9, < 2.0)
      signet (>= 0.16, < 2.a)
    hashdiff (1.1.2)
    http (5.3.1)
      addressable (~> 2.8)
      http-cookie (~> 1.0)
      http-form_data (~> 2.2)
      llhttp-ffi (~> 0.5.0)
    http-cookie (1.0.8)
      domain_name (~> 0.5)
    http-form_data (2.3.0)
    httpclient (2.9.0)
      mutex_m
    i18n (1.14.7)
      concurrent-ruby (~> 1.0)
    io-console (0.8.0)
    irb (1.15.2)
      pp (>= 0.6.0)
      rdoc (>= 4.0.0)
      reline (>= 0.4.2)
    json (2.13.2)
    jwt (2.10.2)
      base64
    language_server-protocol (3.17.0.5)
    lint_roller (1.1.0)
    llhttp-ffi (0.5.1)
      ffi-compiler (~> 1.0)
      rake (~> 13.0)
    logger (1.7.0)
    mini_mime (1.1.5)
    minitest (5.25.5)
    multi_json (1.17.0)
    mutex_m (0.3.0)
    net-http (0.6.0)
      uri
    os (1.1.4)
    parallel (1.27.0)
    parser (3.3.9.0)
      ast (~> 2.4.1)
      racc
    pp (0.6.2)
      prettyprint
    prettyprint (0.2.0)
    prism (1.4.0)
    psych (5.2.3)
      date
      stringio
    public_suffix (6.0.2)
    racc (1.8.1)
    rainbow (3.1.1)
    rake (13.3.0)
    rdoc (6.13.1)
      psych (>= 4.0.0)
    redcarpet (3.6.1)
    regexp_parser (2.10.0)
    reline (0.6.0)
      io-console (~> 0.5)
    representable (3.2.0)
      declarative (< 0.1.0)
      trailblazer-option (>= 0.1.1, < 0.2.0)
      uber (< 0.2.0)
    retriable (3.1.2)
    rexml (3.4.1)
    rspec (3.13.1)
      rspec-core (~> 3.13.0)
      rspec-expectations (~> 3.13.0)
      rspec-mocks (~> 3.13.0)
    rspec-core (3.13.4)
      rspec-support (~> 3.13.0)
    rspec-expectations (3.13.5)
      diff-lcs (>= 1.2.0, < 2.0)
      rspec-support (~> 3.13.0)
    rspec-mocks (3.13.5)
      diff-lcs (>= 1.2.0, < 2.0)
      rspec-support (~> 3.13.0)
    rspec-support (3.13.4)
    rspec_junit_formatter (0.6.0)
      rspec-core (>= 2, < 4, != 2.12.0)
    rubocop (1.79.1)
      json (~> 2.3)
      language_server-protocol (~> 3.17.0.2)
      lint_roller (~> 1.1.0)
      parallel (~> 1.10)
      parser (>= 3.3.0.2)
      rainbow (>= 2.2.2, < 4.0)
      regexp_parser (>= 2.9.3, < 3.0)
      rubocop-ast (>= 1.46.0, < 2.0)
      ruby-progressbar (~> 1.7)
      unicode-display_width (>= 2.4.0, < 4.0)
    rubocop-ast (1.46.0)
      parser (>= 3.3.7.2)
      prism (~> 1.4)
    rubocop-basic (1.2.0)
    rubocop-factory_bot (2.27.1)
      lint_roller (~> 1.1)
      rubocop (~> 1.72, >= 1.72.1)
    rubocop-rake (0.7.1)
      lint_roller (~> 1.1)
      rubocop (>= 1.72.1)
    rubocop-rspec (3.6.0)
      lint_roller (~> 1.1)
      rubocop (~> 1.72, >= 1.72.1)
    ruby-progressbar (1.13.0)
    securerandom (0.4.1)
    signet (0.20.0)
      addressable (~> 2.8)
      faraday (>= 0.17.5, < 3.a)
      jwt (>= 1.5, < 3.0)
      multi_json (~> 1.10)
    simplecov (0.22.0)
      docile (~> 1.1)
      simplecov-html (~> 0.11)
      simplecov_json_formatter (~> 0.1)
    simplecov-html (0.13.1)
    simplecov_json_formatter (0.1.4)
    stringio (3.1.6)
    trailblazer-option (0.1.2)
    tzinfo (2.0.6)
      concurrent-ruby (~> 1.0)
    uber (0.1.0)
    unicode-display_width (3.1.4)
      unicode-emoji (~> 4.0, >= 4.0.4)
    unicode-emoji (4.0.4)
    uri (1.0.3)
    webmock (3.25.1)
      addressable (>= 2.8.0)
      crack (>= 0.3.2)
      hashdiff (>= 0.4.0, < 2.0.0)
    yard (0.9.37)
    zeitwerk (2.7.3)

PLATFORMS
  x86_64-darwin-24

DEPENDENCIES
  factory_bot
  irb
  omniai!
  rake
  redcarpet
  rspec
  rspec_junit_formatter
  rubocop
  rubocop-basic
  rubocop-factory_bot
  rubocop-rake
  rubocop-rspec
  simplecov
  webmock
  yard

BUNDLED WITH
   2.6.5
